PATH
  remote: .
  specs:
    mqtt-homie (0.1.1)
      macaddr (~> 1.1)
      mqtt (~> 0.5)
      sys-uname (~> 1.0)

GEM
  remote: https://rubygems.org/
  specs:
    diff-lcs (1.3)
    ffi (1.11.1-x64-mingw32)
    macaddr (1.7.2)
      systemu (~> 2.6.5)
    mqtt (0.5.0)
    rake (10.5.0)
    rspec (3.8.0)
      rspec-core (~> 3.8.0)
      rspec-expectations (~> 3.8.0)
      rspec-mocks (~> 3.8.0)
    rspec-core (3.8.1)
      rspec-support (~> 3.8.0)
    rspec-expectations (3.8.4)
      diff-lcs (>= 1.2.0, < 2.0)
      rspec-support (~> 3.8.0)
    rspec-mocks (3.8.1)
      diff-lcs (>= 1.2.0, < 2.0)
      rspec-support (~> 3.8.0)
    rspec-support (3.8.2)
    sys-uname (1.0.4)
      ffi (>= 1.0.0)
    systemu (2.6.5)

PLATFORMS
  ruby
  x64-mingw32

DEPENDENCIES
  bundler (~> 2.0)
  mqtt-homie!
  rake (~> 10.0)
  rspec (~> 3.0)

BUNDLED WITH
   2.0.2
